GEM
  remote: https://rubygems.org/
  specs:
    ansi (1.5.0)
    builder (3.2.3)
    minitest (5.11.3)
    minitest-reporters (1.3.6)
      ansi
      builder
      minitest (>= 5.0)
      ruby-progressbar
    minitest-spec (0.0.2.1)
      minitest (>= 3.0)
    ruby-progressbar (1.10.0)

PLATFORMS
  ruby

DEPENDENCIES
  minitest
  minitest-reporters
  minitest-spec

RUBY VERSION
   ruby 2.6.0p0

BUNDLED WITH
   1.17.2
